GEM
  remote: http://rubygems.org/
  specs:
    hashie (1.2.0)
    json_pure (1.6.5)
    newrelic_rpm (3.3.1)
    rack (1.4.1)
    rack-protection (1.2.0)
      rack
    sinatra (1.3.2)
      rack (~> 1.3, >= 1.3.6)
      rack-protection (~> 1.2)
      tilt (~> 1.3, >= 1.3.3)
    tilt (1.3.3)
    tropo-webapi-ruby (0.1.11)
      hashie (>= 0.2.0)
      json_pure (>= 1.2.0)

PLATFORMS
  ruby

DEPENDENCIES
  newrelic_rpm
  sinatra
  tropo-webapi-ruby
